PATH
  remote: .
  specs:
    representable (0.9.3)
      hooks
      json
      nokogiri

GEM
  remote: http://rubygems.org/
  specs:
    hooks (0.2.0)
    json (1.6.2)
    metaclass (0.0.1)
    minitest (2.8.1)
    mocha (0.10.0)
      metaclass (~> 0.0.1)
    nokogiri (1.5.0)
    rake (0.9.2.2)
    test_xml (0.1.2)
      nokogiri (>= 1.3.2)

PLATFORMS
  ruby

DEPENDENCIES
  minitest (~> 2.8)
  mocha
  rake
  representable!
  test_xml
